GIT
  remote: git://github.com/bct/require_relative.git
  revision: 7751a6ce9229aa1f839ee286e104114510dbc170
  specs:
    require_relative (0.0.2)

GIT
  remote: git://github.com/collectiveidea/delayed_job.git
  revision: 8dc3930f20eb7363ef0d451ac05a3851eb0caaf6
  tag: v2.1.4
  specs:
    delayed_job (2.1.4)
      activesupport (~> 3.0)
      daemons

GIT
  remote: git://github.com/earbits/delayed_job_mongo_mapper.git
  revision: 96378a9584a077b5e01fc63294131728818d67eb
  specs:
    delayed_job_mongo_mapper (1.0.0)
      delayed_job (~> 2.1.1)
      mongo_mapper (~> 0.9)
      rails (>= 3.0.0)

GEM
  remote: http://rubygems.org/
  specs:
    POpen4 (0.1.4)
      Platform (>= 0.4.0)
      open4
    Platform (0.4.0)
    aaronh-chronic (0.3.9)
    abstract (1.0.0)
    actionmailer (3.0.7)
      actionpack (= 3.0.7)
      mail (~> 2.2.15)
    actionpack (3.0.7)
      activemodel (= 3.0.7)
      activesupport (= 3.0.7)
      builder (~> 2.1.2)
      erubis (~> 2.6.6)
      i18n (~> 0.5.0)
      rack (~> 1.2.1)
      rack-mount (~> 0.6.14)
      rack-test (~> 0.5.7)
      tzinfo (~> 0.3.23)
    activemodel (3.0.7)
      activesupport (= 3.0.7)
      builder (~> 2.1.2)
      i18n (~> 0.5.0)
    activerecord (3.0.7)
      activemodel (= 3.0.7)
      activesupport (= 3.0.7)
      arel (~> 2.0.2)
      tzinfo (~> 0.3.23)
    activeresource (3.0.7)
      activemodel (= 3.0.7)
      activesupport (= 3.0.7)
    activesupport (3.0.7)
    addressable (2.2.4)
    arel (2.0.10)
    backports (2.2.1)
    bcrypt-ruby (2.1.4)
    bson (1.3.1)
    bson_ext (1.3.1)
    builder (2.1.2)
    capybara (0.4.1.2)
      celerity (>= 0.7.9)
      culerity (>= 0.2.4)
      mime-types (>= 1.16)
      nokogiri (>= 1.3.3)
      rack (>= 1.0.0)
      rack-test (>= 0.5.4)
      selenium-webdriver (>= 0.0.27)
      xpath (~> 0.1.3)
    celerity (0.8.9)
    childprocess (0.1.8)
      ffi (~> 1.0.6)
    coffee-script (2.2.0)
      coffee-script-source
      execjs
    coffee-script-source (1.0.1)
    compass (0.10.6)
      haml (>= 3.0.4)
    configuration (1.2.0)
    crack (0.1.8)
    culerity (0.2.15)
    daemons (1.0.10)
    database_cleaner (0.6.6)
    erubis (2.6.6)
      abstract (>= 1.0.0)
    exceptional (2.0.32)
      rack
    execjs (0.1.0)
    factory_girl (1.3.3)
    faraday (0.5.7)
      addressable (~> 2.2.4)
      multipart-post (~> 1.1.0)
      rack (< 2, >= 1.1.0)
    faraday_middleware (0.3.2)
      faraday (~> 0.5.4)
    fb_graph (1.6.4)
      activesupport (>= 2.3)
      json (>= 1.4.3)
      oauth2 (>= 0.1.0)
      restclient_with_cert
    ffi (1.0.7)
      rake (>= 0.8.7)
    haml (3.0.25)
    hashie (1.0.0)
    hike (1.1.0)
    i18n (0.5.0)
    jammit (0.6.3)
      yui-compressor (>= 0.9.3)
    json (1.5.1)
    json_pure (1.5.1)
    launchy (0.4.0)
      configuration (>= 0.0.5)
      rake (>= 0.8.1)
    libxml-ruby (2.0.6)
    mail (2.2.15)
      activesupport (>= 2.3.6)
      i18n (>= 0.4.0)
      mime-types (~> 1.16)
      treetop (~> 1.4.8)
    mime-types (1.16)
    minitest (2.0.2)
    mocha (0.9.12)
    mongo (1.3.1)
      bson (>= 1.3.1)
    mongo_mapper (0.9.1)
      activemodel (~> 3.0)
      activesupport (~> 3.0)
      plucky (~> 0.3.8)
    mongomapper_ext (0.5.1)
      mongo_mapper (~> 0.8)
      uuidtools (>= 2.0.0)
    multi_json (0.0.5)
    multi_xml (0.2.2)
    multipart-post (1.1.0)
    mustache (0.99.3)
    net-ldap (0.1.1)
    newrelic_rpm (2.14.0)
    nokogiri (1.4.4)
    oa-basic (0.2.0)
      multi_json (~> 0.0.2)
      nokogiri (~> 1.4.2)
      oa-core (= 0.2.0)
      rest-client (~> 1.6.0)
    oa-core (0.2.0)
      rack (~> 1.1)
    oa-enterprise (0.2.0)
      net-ldap (~> 0.1.1)
      nokogiri (~> 1.4.2)
      oa-core (= 0.2.0)
      pyu-ruby-sasl (~> 0.0.3.1)
      rubyntlm (~> 0.1.1)
    oa-more (0.2.0)
      multi_json (~> 0.0.2)
      oa-core (= 0.2.0)
      rest-client (~> 1.6.0)
    oa-oauth (0.2.0)
      multi_json (~> 0.0.2)
      nokogiri (~> 1.4.2)
      oa-core (= 0.2.0)
      oauth (~> 0.4.0)
      oauth2 (~> 0.1.1)
    oa-openid (0.2.0)
      oa-core (= 0.2.0)
      rack-openid (~> 1.2.0)
      ruby-openid-apps-discovery
    oauth (0.4.4)
    oauth2 (0.1.1)
      faraday (~> 0.5.0)
      multi_json (~> 0.0.4)
    omniauth (0.2.0)
      oa-basic (= 0.2.0)
      oa-core (= 0.2.0)
      oa-enterprise (= 0.2.0)
      oa-more (= 0.2.0)
      oa-oauth (= 0.2.0)
      oa-openid (= 0.2.0)
    open4 (1.0.1)
    opub (0.0.1)
    ostatus (0.0.10)
      ratom
    osub (0.0.7)
      ostatus
      ruby-hmac
    plucky (0.3.8)
      mongo (~> 1.3)
    polyglot (0.3.1)
    pony (1.1)
      mail (> 2.0)
    pygmentize (0.0.2)
    pyu-ruby-sasl (0.0.3.2)
    rack (1.2.2)
    rack-flash (0.1.1)
      rack
    rack-mount (0.6.14)
      rack (>= 1.0.0)
    rack-openid (1.2.0)
      rack (>= 1.1.0)
      ruby-openid (>= 2.1.8)
    rack-test (0.5.7)
      rack (>= 1.0)
    rack-timeout (0.0.1)
    rails (3.0.7)
      actionmailer (= 3.0.7)
      actionpack (= 3.0.7)
      activerecord (= 3.0.7)
      activeresource (= 3.0.7)
      activesupport (= 3.0.7)
      bundler (~> 1.0)
      railties (= 3.0.7)
    railties (3.0.7)
      actionpack (= 3.0.7)
      activesupport (= 3.0.7)
      rake (>= 0.8.7)
      thor (~> 0.14.4)
    rake (0.8.7)
    ratom (0.6.8)
      libxml-ruby (>= 1.1.2)
    rdiscount (1.6.8)
    redfinger (0.1.0)
      hashie
      nokogiri (>= 1.4.0)
      rest-client (>= 1.5.0)
    rest-client (1.6.1)
      mime-types (>= 1.16)
    restclient_with_cert (0.0.3)
      rest-client (>= 1.6)
    rocco (0.6)
      mustache
      rdiscount
    rsa (0.1.4)
    ruby-hmac (0.4.0)
    ruby-openid (2.1.8)
    ruby-openid-apps-discovery (1.2.0)
      ruby-openid (>= 2.1.7)
    ruby-stemmer (0.9.1)
    rubyntlm (0.1.1)
    rubyzip (0.9.4)
    sass (3.1.0.alpha.252)
    selenium-webdriver (0.1.4)
      childprocess (>= 0.1.7)
      ffi (>= 1.0.7)
      json_pure
      rubyzip
    simple_oauth (0.1.4)
    simplecov (0.4.2)
      simplecov-html (~> 0.4.4)
    simplecov-html (0.4.4)
    sinatra (1.2.6)
      rack (~> 1.1)
      tilt (< 2.0, >= 1.2.2)
    sinatra-content-for (0.2)
      sinatra
    sinatra-redirect-with-flash (0.1.2)
      rack-flash (>= 0.1.1)
      sinatra (>= 0.9.1)
    sprockets (2.0.0.beta.10)
      hike (~> 1.0)
      rack (~> 1.0)
      tilt (!= 1.3.0, ~> 1.1)
    system_timer (1.0)
    thor (0.14.6)
    tilt (1.3.2)
    time-lord (0.1.5)
    treetop (1.4.9)
      polyglot (>= 0.3.1)
    twitter (1.2.0)
      faraday (~> 0.5.4)
      faraday_middleware (~> 0.3.2)
      hashie (~> 1.0.0)
      multi_json (~> 0.0.5)
      multi_xml (~> 0.2.0)
      simple_oauth (~> 0.1.4)
    tzinfo (0.3.25)
    uglifier (0.5.1)
      execjs
      json
    uuidtools (2.1.2)
    vcr (1.7.2)
    webmock (1.6.2)
      addressable (>= 2.2.2)
      crack (>= 0.1.7)
    whatlanguage (1.0.0)
    whenever (0.6.8)
      aaronh-chronic (>= 0.3.9)
      activesupport (>= 2.3.4)
    xpath (0.1.3)
      nokogiri (~> 1.3)
    yui-compressor (0.9.6)
      POpen4 (>= 0.1.4)

PLATFORMS
  ruby

DEPENDENCIES
  backports
  bcrypt-ruby
  bson_ext
  capybara
  coffee-script
  compass
  database_cleaner
  delayed_job!
  delayed_job_mongo_mapper!
  exceptional
  factory_girl
  fb_graph
  haml
  i18n
  jammit
  launchy
  minitest
  mocha
  mongo_mapper
  mongomapper_ext
  newrelic_rpm
  nokogiri (= 1.4.4)
  omniauth
  opub
  ostatus (> 0.0.9)
  osub (> 0.0.6)
  pony
  pygmentize
  rack (= 1.2.2)
  rack-flash
  rack-mount
  rack-test
  rack-timeout
  rake (= 0.8.7)
  rdiscount
  redfinger
  require_relative!
  rocco
  rsa
  ruby-stemmer
  sass
  simplecov (~> 0.4.0)
  sinatra
  sinatra-content-for
  sinatra-redirect-with-flash
  sprockets (= 2.0.0.beta.10)
  system_timer
  time-lord
  twitter
  tzinfo
  uglifier
  vcr
  webmock
  whatlanguage
  whenever
